GEM
  remote: https://rubygems.org/
  specs:
    actionmailer (4.1.0.beta2)
      actionpack (= 4.1.0.beta2)
      actionview (= 4.1.0.beta2)
      mail (~> 2.5.4)
    actionpack (4.1.0.beta2)
      actionview (= 4.1.0.beta2)
      activesupport (= 4.1.0.beta2)
      rack (~> 1.5.2)
      rack-test (~> 0.6.2)
    actionview (4.1.0.beta2)
      activesupport (= 4.1.0.beta2)
      builder (~> 3.1)
      erubis (~> 2.7.0)
    active_model_serializers (0.8.1)
      activemodel (>= 3.0)
    activemodel (4.1.0.beta2)
      activesupport (= 4.1.0.beta2)
      builder (~> 3.1)
    activerecord (4.1.0.beta2)
      activemodel (= 4.1.0.beta2)
      activesupport (= 4.1.0.beta2)
      arel (~> 5.0.0)
    activesupport (4.1.0.beta2)
      i18n (~> 0.6, >= 0.6.9)
      json (~> 1.7, >= 1.7.7)
      minitest (~> 5.1)
      thread_safe (~> 0.1)
      tzinfo (~> 1.1)
    arel (5.0.0)
    atomic (1.1.14)
    barber (0.4.2)
      ember-source
      execjs
      handlebars-source
    bootstrap-sass (2.3.2.2)
      sass (~> 3.2)
    builder (3.2.2)
    coderay (1.1.0)
    daemons (1.1.9)
    ember-data-source (0.14)
      ember-source
    ember-rails (0.14.1)
      active_model_serializers
      barber (>= 0.4.1)
      ember-data-source
      ember-source
      execjs (>= 1.2)
      handlebars-source
      jquery-rails (>= 1.0.17)
      railties (>= 3.1)
    ember-source (1.4.0)
      handlebars-source (~> 1.0)
    erubis (2.7.0)
    eventmachine (1.0.3)
    execjs (2.0.2)
    font-awesome-rails (4.0.3.1)
      railties (>= 3.2, < 5.0)
    handlebars-source (1.3.0)
    hike (1.2.3)
    i18n (0.6.9)
    jquery-rails (3.0.4)
      railties (>= 3.0, < 5.0)
      thor (>= 0.14, < 2.0)
    json (1.8.1)
    mail (2.5.4)
      mime-types (~> 1.16)
      treetop (~> 1.4.8)
    method_source (0.8.2)
    mime-types (1.25.1)
    minitest (5.2.3)
    multi_json (1.8.4)
    polyglot (0.3.4)
    pry (0.9.12.4)
      coderay (~> 1.0)
      method_source (~> 0.8)
      slop (~> 3.4)
    pry-rails (0.3.2)
      pry (>= 0.9.10)
    quiet_assets (1.0.2)
      railties (>= 3.1, < 5.0)
    rack (1.5.2)
    rack-test (0.6.2)
      rack (>= 1.0)
    rails (4.1.0.beta2)
      actionmailer (= 4.1.0.beta2)
      actionpack (= 4.1.0.beta2)
      actionview (= 4.1.0.beta2)
      activemodel (= 4.1.0.beta2)
      activerecord (= 4.1.0.beta2)
      activesupport (= 4.1.0.beta2)
      bundler (>= 1.3.0, < 2.0)
      railties (= 4.1.0.beta2)
      sprockets-rails (~> 2.0.0)
    railties (4.1.0.beta2)
      actionpack (= 4.1.0.beta2)
      activesupport (= 4.1.0.beta2)
      rake (>= 0.8.7)
      thor (>= 0.18.1, < 2.0)
    rake (10.1.1)
    sass (3.2.13)
    sass-rails (4.0.1)
      railties (>= 4.0.0, < 5.0)
      sass (>= 3.1.10)
      sprockets-rails (~> 2.0.0)
    slop (3.4.7)
    sprockets (2.10.1)
      hike (~> 1.2)
      multi_json (~> 1.0)
      rack (~> 1.0)
      tilt (~> 1.1, != 1.3.0)
    sprockets-rails (2.0.1)
      actionpack (>= 3.0)
      activesupport (>= 3.0)
      sprockets (~> 2.8)
    sqlite3 (1.3.8)
    thin (1.6.1)
      daemons (>= 1.0.9)
      eventmachine (>= 1.0.0)
      rack (>= 1.0.0)
    thor (0.18.1)
    thread_safe (0.1.3)
      atomic
    tilt (1.4.1)
    treetop (1.4.15)
      polyglot
      polyglot (>= 0.3.1)
    tzinfo (1.1.0)
      thread_safe (~> 0.1)
    uglifier (2.4.0)
      execjs (>= 0.3.0)
      json (>= 1.8.0)

PLATFORMS
  ruby

DEPENDENCIES
  active_model_serializers
  bootstrap-sass (~> 2.3.2.2)
  ember-rails
  ember-source (= 1.4.0)
  font-awesome-rails (~> 4.0.3)
  jquery-rails
  pry-rails
  quiet_assets
  rails (= 4.1.0.beta2)
  sass-rails (~> 4.0.0)
  sqlite3
  thin
  uglifier (>= 1.3.0)
